PATH
  remote: .
  specs:
    idology (1.9.3)
      happymapper (= 0.3.0)
      httparty (= 0.5.2)

GEM
  remote: http://rubygems.org/
  specs:
    crack (0.1.6)
    fakeweb (1.2.8)
    git (1.2.5)
    happymapper (0.3.0)
      libxml-ruby (= 1.1.3)
    httparty (0.5.2)
      crack (= 0.1.6)
    jeweler (1.5.2)
      bundler (~> 1.0.0)
      git (>= 1.2.5)
      rake
    libxml-ruby (1.1.3)
    rake (0.8.7)
    rspec (1.3.1)

PLATFORMS
  ruby

DEPENDENCIES
  fakeweb (= 1.2.8)
  happymapper (= 0.3.0)
  httparty (= 0.5.2)
  idology!
  jeweler
  rspec (~> 1.3.0)
